GIT
  remote: git://github.com/oscar6654/datashift_spree.git
  revision: 6d4dfbe363511b8f00b4f14571529241454433dd
  branch: 3-2-edit
  specs:
    datashift_spree (0.6.0)
      datashift
      mechanize (~> 2.6, >= 2.6.0)
      rails

GIT
  remote: git://github.com/oscar6654/spree-batch-products.git
  revision: fe5afff563e0f86b018e79957013f8777780c9d8
  branch: 3-2-stable
  specs:
    spree_batch_products (3.0.0)
      batch_factory
      iconv
      roo (~> 1.10.3)
      rubyzip
      spree_core (~> 3.2.0)
      zip-zip

GIT
  remote: git://github.com/oscar6654/spree_ajax_add_to_cart.git
  revision: a070496dc624c0d248ed3f9b4a653509523c12b3
  branch: 3-2-stable
  specs:
    spree_ajax_add_to_cart (3.0.0)
      spree_core (~> 3.2.7)

GIT
  remote: git://github.com/oscar6654/spree_bank_transfer.git
  revision: d4fe7feb52ec0b81ac41161a29d27893d97eee85
  branch: 3-2-updated
  specs:
    spree-bank-transfer (3.2.0)
      spree_core
      sqlite3 (~> 1.3.10)

GIT
  remote: git://github.com/oscar6654/spree_print_invoice.git
  revision: 2024a5c4b54b49c6f42c43cb8d2da4b9e5773b07
  branch: master
  specs:
    spree_print_invoice (3.0.0.beta)
      prawn-rails (~> 0.1.1)
      spree_core (>= 3.1.0, < 4.0)
      spree_extension

GIT
  remote: git://github.com/oscar6654/spree_sales.git
  revision: 00aafe26172071ca0b37b82584cdfcb54460098d
  branch: 3-2-stable
  specs:
    spree_sales (3.1.0)
      date_validator
      spree_core (~> 3.2.7)

GIT
  remote: git://github.com/oscar6654/spree_slider.git
  revision: c7c1e8bc5c59e00058a1503964166b29678017e5
  specs:
    spree_slider (3.3.0)
      spree_backend (>= 3.1.0, < 4.0)
      spree_core (>= 3.1.0, < 4.0)

GIT
  remote: git://github.com/oscar6654/spree_user_groups.git
  revision: 0c1818713e455ef8f737f443de3a530cece04217
  branch: 3-2-upload
  specs:
    spree_user_groups (3.2.7)
      spree_core (~> 3.2.7)

GIT
  remote: git://github.com/spree-contrib/better_spree_paypal_express.git
  revision: f62b408d97f747f8bf07f04790eaa2dd08443e4b
  specs:
    spree_paypal_express (3.3.0)
      paypal-sdk-merchant
      spree_auth_devise (>= 3.1.0, < 4.0)
      spree_core (>= 3.1.0, < 4.0)
      spree_extension

GIT
  remote: git://github.com/spree-contrib/spree_mail_settings.git
  revision: be7a9a9fa866054a81270f15e8e5fb289e80a9d7
  specs:
    spree_mail_settings (3.3.0)
      spree_auth_devise (>= 3.1.0, < 4.0)
      spree_backend (>= 3.1.0, < 4.0)

GIT
  remote: git://github.com/spree-contrib/spree_social.git
  revision: 3c818774d5e6c5d8a30ff6120ad0eeb5f704f0e2
  specs:
    spree_social (3.3.1)
      oa-core
      omniauth
      omniauth-amazon
      omniauth-facebook
      omniauth-github
      omniauth-google-oauth2
      omniauth-twitter
      spree_auth_devise (>= 3.1.0, < 4.0)
      spree_core (>= 3.1.0, < 4.0)
      spree_extension

GIT
  remote: git://github.com/vinsol-spree-contrib/datashift.git
  revision: 2e684434ba0e8a58b62f45df065c1437fab207e1
  branch: 3-2-stable
  specs:
    datashift (0.40.1)
      erubis (~> 2.7.0)
      paperclip (~> 4)
      rails (>= 4.2, < 5.1)
      rubyzip (~> 1.2)
      spreadsheet (~> 1.1)
      thor (~> 0.19.1)
      thread_safe (~> 0.3, >= 0.3)

GIT
  remote: git://github.com/vinsol-spree-contrib/spree_datashift_prod_import.git
  revision: 41d0c68620ba21d6df4c0e814e7802ec3576e4a1
  branch: 3-2-stable
  specs:
    spree_datashift_prod_import (3.2.0)
      datashift
      datashift_spree
      spree_core (~> 3.2.0)

GIT
  remote: https://github.com/jamatthews/spree_better_terms_and_conditions.git
  revision: 1e55c39851f396346a5cd6e54e22975354f4f997
  branch: master
  specs:
    spree_better_terms_and_conditions (2.2.1)
      spree_core (>= 2.1.0)

GIT
  remote: https://github.com/mzegarek/spree_cash_on_delivery.git
  revision: 9fa23f423b22e1f7df318d6b7b176cda48c3efb0
  branch: master
  specs:
    spree_cash_on_delivery (3.0.3)

GIT
  remote: https://github.com/oscar6654/spree_admin_roles_and_access.git
  revision: 82ec43781b5a426e766e12cd1d6cb9ca6221c747
  specs:
    spree_admin_roles_and_access (3.2.1.beta)
      spree_auth_devise
      spree_core

GEM
  remote: https://rubygems.org/
  specs:
    actioncable (5.0.6)
      actionpack (= 5.0.6)
      nio4r (>= 1.2, < 3.0)
      websocket-driver (~> 0.6.1)
    actionmailer (5.0.6)
      actionpack (= 5.0.6)
      actionview (= 5.0.6)
      activejob (= 5.0.6)
      mail (~> 2.5, >= 2.5.4)
      rails-dom-testing (~> 2.0)
    actionpack (5.0.6)
      actionview (= 5.0.6)
      activesupport (= 5.0.6)
      rack (~> 2.0)
      rack-test (~> 0.6.3)
      rails-dom-testing (~> 2.0)
      rails-html-sanitizer (~> 1.0, >= 1.0.2)
    actionview (5.0.6)
      activesupport (= 5.0.6)
      builder (~> 3.1)
      erubis (~> 2.7.0)
      rails-dom-testing (~> 2.0)
      rails-html-sanitizer (~> 1.0, >= 1.0.3)
    activejob (5.0.6)
      activesupport (= 5.0.6)
      globalid (>= 0.3.6)
    activemerchant (1.76.0)
      activesupport (>= 3.2.14, < 6.x)
      builder (>= 2.1.2, < 4.0.0)
      i18n (>= 0.6.9)
      nokogiri (~> 1.4)
    activemodel (5.0.6)
      activesupport (= 5.0.6)
    activerecord (5.0.6)
      activemodel (= 5.0.6)
      activesupport (= 5.0.6)
      arel (~> 7.0)
    activesupport (5.0.6)
      concurrent-ruby (~> 1.0, >= 1.0.2)
      i18n (~> 0.7)
      minitest (~> 5.1)
      tzinfo (~> 1.1)
    acts-as-taggable-on (4.0.0)
      activerecord (>= 4.0)
    acts_as_list (0.9.10)
      activerecord (>= 3.0)
    addressable (2.5.2)
      public_suffix (>= 2.0.2, < 4.0)
    arel (7.1.4)
    autoprefixer-rails (7.2.4)
      execjs
    awesome_nested_set (3.1.3)
      activerecord (>= 4.0.0, < 5.2)
    aws-sdk (1.67.0)
      aws-sdk-v1 (= 1.67.0)
    aws-sdk-v1 (1.67.0)
      json (~> 1.4)
      nokogiri (~> 1)
    batch_factory (0.1.0)
      activesupport
      roo (~> 1.10)
    bcrypt (3.1.11)
    bootstrap-sass (3.3.7)
      autoprefixer-rails (>= 5.2.1)
      sass (>= 3.3.4)
    builder (3.2.3)
    camertron-eprun (1.1.1)
    cancancan (1.10.1)
    canonical-rails (0.1.2)
      rails (>= 4.1, < 5.1)
    capybara (2.17.0)
      addressable
      mini_mime (>= 0.1.3)
      nokogiri (>= 1.3.3)
      rack (>= 1.0.0)
      rack-test (>= 0.5.4)
      xpath (>= 2.0, < 4.0)
    carmen (1.0.2)
      activesupport (>= 3.0.0)
    cldr-plurals-runtime-rb (1.0.1)
    climate_control (0.2.0)
    cocaine (0.5.8)
      climate_control (>= 0.0.3, < 1.0)
    coderay (1.1.2)
    coffee-rails (4.2.2)
      coffee-script (>= 2.2.0)
      railties (>= 4.0.0)
    coffee-script (2.4.1)
      coffee-script-source
      execjs
    coffee-script-source (1.12.2)
    concurrent-ruby (1.0.5)
    crass (1.0.3)
    css_parser (1.6.0)
      addressable
    date_validator (0.9.0)
      activemodel
      activesupport
    deface (1.3.0)
      nokogiri (~> 1.6)
      polyglot
      rails (>= 4.1)
      rainbow (>= 2.1.0)
    devise (4.3.0)
      bcrypt (~> 3.0)
      orm_adapter (~> 0.1)
      railties (>= 4.1.0, < 5.2)
      responders
      warden (~> 1.2.3)
    devise-encryptable (0.2.0)
      devise (>= 2.1.0)
    diff-lcs (1.3)
    domain_name (0.5.20180417)
      unf (>= 0.0.5, < 1.0.0)
    dotenv (2.2.1)
    dotenv-rails (2.2.1)
      dotenv (= 2.2.1)
      railties (>= 3.2, < 5.2)
    erubis (2.7.0)
    execjs (2.7.0)
    faraday (0.12.2)
      multipart-post (>= 1.2, < 3)
    ffaker (2.2.0)
    ffi (1.9.18)
    font-awesome-rails (4.7.0.2)
      railties (>= 3.2, < 5.2)
    friendly_id (5.1.0)
      activerecord (>= 4.0.0)
    globalid (0.4.1)
      activesupport (>= 4.2.0)
    hashie (3.5.7)
    highline (1.6.21)
    htmlentities (4.3.4)
    http-cookie (1.0.3)
      domain_name (~> 0.5)
    i18n (0.9.1)
      concurrent-ruby (~> 1.0)
    iconv (1.0.5)
    jquery-rails (4.3.1)
      rails-dom-testing (>= 1, < 3)
      railties (>= 4.2.0)
      thor (>= 0.14, < 2.0)
    jquery-ui-rails (5.0.5)
      railties (>= 3.2.16)
    json (1.8.6)
    jwt (1.5.6)
    kaminari (1.0.1)
      activesupport (>= 4.1.0)
      kaminari-actionview (= 1.0.1)
      kaminari-activerecord (= 1.0.1)
      kaminari-core (= 1.0.1)
    kaminari-actionview (1.0.1)
      actionview
      kaminari-core (= 1.0.1)
    kaminari-activerecord (1.0.1)
      activerecord
      kaminari-core (= 1.0.1)
    kaminari-core (1.0.1)
    launchy (2.4.3)
      addressable (~> 2.3)
    listen (3.0.8)
      rb-fsevent (~> 0.9, >= 0.9.4)
      rb-inotify (~> 0.9, >= 0.9.7)
    loofah (2.1.1)
      crass (~> 1.0.2)
      nokogiri (>= 1.5.9)
    mail (2.7.0)
      mini_mime (>= 0.1.1)
    mechanize (2.7.5)
      domain_name (~> 0.5, >= 0.5.1)
      http-cookie (~> 1.0)
      mime-types (>= 1.17.2)
      net-http-digest_auth (~> 1.1, >= 1.1.1)
      net-http-persistent (~> 2.5, >= 2.5.2)
      nokogiri (~> 1.6)
      ntlm-http (~> 0.1, >= 0.1.1)
      webrobots (>= 0.0.9, < 0.2)
    method_source (0.9.0)
    mime-types (3.1)
      mime-types-data (~> 3.2015)
    mime-types-data (3.2016.0521)
    mimemagic (0.3.0)
    mini_mime (1.0.0)
    mini_portile2 (2.3.0)
    minitest (5.11.1)
    monetize (1.7.0)
      money (~> 6.9)
    money (6.10.1)
      i18n (>= 0.6.4, < 1.0)
    multi_json (1.12.2)
    multi_xml (0.6.0)
    multipart-post (2.0.0)
    net-http-digest_auth (1.4.1)
    net-http-persistent (2.9.4)
    nio4r (2.2.0)
    nokogiri (1.8.1)
      mini_portile2 (~> 2.3.0)
    ntlm-http (0.1.1)
    oa-core (0.3.2)
    oauth (0.5.4)
    oauth2 (1.4.0)
      faraday (>= 0.8, < 0.13)
      jwt (~> 1.0)
      multi_json (~> 1.3)
      multi_xml (~> 0.5)
      rack (>= 1.2, < 3)
    omniauth (1.8.1)
      hashie (>= 3.4.6, < 3.6.0)
      rack (>= 1.6.2, < 3)
    omniauth-amazon (1.0.1)
      omniauth (~> 1.0)
      omniauth-oauth2 (~> 1.1)
    omniauth-facebook (5.0.0)
      omniauth-oauth2 (~> 1.2)
    omniauth-github (1.3.0)
      omniauth (~> 1.5)
      omniauth-oauth2 (>= 1.4.0, < 2.0)
    omniauth-google-oauth2 (0.5.3)
      jwt (>= 1.5)
      omniauth (>= 1.1.1)
      omniauth-oauth2 (>= 1.5)
    omniauth-oauth (1.1.0)
      oauth
      omniauth (~> 1.0)
    omniauth-oauth2 (1.5.0)
      oauth2 (~> 1.1)
      omniauth (~> 1.2)
    omniauth-twitter (1.4.0)
      omniauth-oauth (~> 1.1)
      rack
    orm_adapter (0.5.0)
    paperclip (4.3.7)
      activemodel (>= 3.2.0)
      activesupport (>= 3.2.0)
      cocaine (~> 0.5.5)
      mime-types
      mimemagic (= 0.3.0)
    paranoia (2.2.1)
      activerecord (>= 4.0, < 5.1)
    paypal-sdk-core (0.3.4)
      multi_json (~> 1.0)
      xml-simple
    paypal-sdk-merchant (1.117.2)
      paypal-sdk-core (~> 0.3.0)
    pdf-core (0.7.0)
    pg (0.21.0)
    polyamorous (1.3.2)
      activerecord (>= 3.0)
    polyglot (0.3.5)
    prawn (2.2.2)
      pdf-core (~> 0.7.0)
      ttfunk (~> 1.5)
    prawn-rails (0.1.1)
      prawn
      prawn-table
      rails (>= 3.1.0)
    prawn-table (0.2.2)
      prawn (>= 1.3.0, < 3.0.0)
    premailer (1.11.1)
      addressable
      css_parser (>= 1.6.0)
      htmlentities (>= 4.0.0)
    premailer-rails (1.10.1)
      actionmailer (>= 3, < 6)
      premailer (~> 1.7, >= 1.7.9)
    pry (0.11.3)
      coderay (~> 1.1.0)
      method_source (~> 0.9.0)
    pry-rails (0.3.6)
      pry (>= 0.10.4)
    public_suffix (3.0.1)
    puma (3.11.0)
    rabl (0.13.1)
      activesupport (>= 2.3.14)
    rack (2.0.3)
    rack-test (0.6.3)
      rack (>= 1.0)
    rails (5.0.6)
      actioncable (= 5.0.6)
      actionmailer (= 5.0.6)
      actionpack (= 5.0.6)
      actionview (= 5.0.6)
      activejob (= 5.0.6)
      activemodel (= 5.0.6)
      activerecord (= 5.0.6)
      activesupport (= 5.0.6)
      bundler (>= 1.3.0)
      railties (= 5.0.6)
      sprockets-rails (>= 2.0.0)
    rails-dom-testing (2.0.3)
      activesupport (>= 4.2.0)
      nokogiri (>= 1.6)
    rails-html-sanitizer (1.0.3)
      loofah (~> 2.0)
    rails-ujs (0.1.0)
      railties (>= 3.1)
    rails_12factor (0.0.3)
      rails_serve_static_assets
      rails_stdout_logging
    rails_serve_static_assets (0.0.5)
    rails_stdout_logging (0.0.5)
    railties (5.0.6)
      actionpack (= 5.0.6)
      activesupport (= 5.0.6)
      method_source
      rake (>= 0.8.7)
      thor (>= 0.18.1, < 2.0)
    rainbow (3.0.0)
    rake (12.3.0)
    ransack (1.8.4)
      actionpack (>= 3.0)
      activerecord (>= 3.0)
      activesupport (>= 3.0)
      i18n
      polyamorous (~> 1.3)
    rb-fsevent (0.10.2)
    rb-inotify (0.9.10)
      ffi (>= 0.5.0, < 2)
    responders (2.4.0)
      actionpack (>= 4.2.0, < 5.3)
      railties (>= 4.2.0, < 5.3)
    roo (1.10.3)
      nokogiri (>= 1.5.6)
      rubyzip (>= 0.9.9)
      spreadsheet (> 0.6.4)
    rspec-core (3.7.1)
      rspec-support (~> 3.7.0)
    rspec-expectations (3.7.0)
      diff-lcs (>= 1.2.0, < 2.0)
      rspec-support (~> 3.7.0)
    rspec-mocks (3.7.0)
      diff-lcs (>= 1.2.0, < 2.0)
      rspec-support (~> 3.7.0)
    rspec-rails (3.7.2)
      actionpack (>= 3.0)
      activesupport (>= 3.0)
      railties (>= 3.0)
      rspec-core (~> 3.7.0)
      rspec-expectations (~> 3.7.0)
      rspec-mocks (~> 3.7.0)
      rspec-support (~> 3.7.0)
    rspec-support (3.7.0)
    ruby-ole (1.2.12.1)
    rubyzip (1.2.1)
    sass (3.5.4)
      sass-listen (~> 4.0.0)
    sass-listen (4.0.0)
      rb-fsevent (~> 0.9, >= 0.9.4)
      rb-inotify (~> 0.9, >= 0.9.7)
    sass-rails (5.0.7)
      railties (>= 4.0.0, < 6)
      sass (~> 3.1)
      sprockets (>= 2.8, < 4.0)
      sprockets-rails (>= 2.0, < 4.0)
      tilt (>= 1.1, < 3)
    select2-rails (3.5.9.1)
      thor (~> 0.14)
    shoulda-matchers (3.1.2)
      activesupport (>= 4.0.0)
    slack-notifier (2.3.2)
    spreadsheet (1.1.5)
      ruby-ole (>= 1.0)
    spree (3.2.7)
      spree_api (= 3.2.7)
      spree_backend (= 3.2.7)
      spree_cmd (= 3.2.7)
      spree_core (= 3.2.7)
      spree_frontend (= 3.2.7)
      spree_sample (= 3.2.7)
    spree_api (3.2.7)
      rabl (~> 0.13.1)
      spree_core (= 3.2.7)
      versioncake (~> 3.1.0)
    spree_auth_devise (3.3.1)
      devise (~> 4.3.0)
      devise-encryptable (= 0.2.0)
      spree_core (>= 3.1.0, < 4.0)
      spree_extension
    spree_backend (3.2.7)
      bootstrap-sass (~> 3.3)
      jquery-rails (~> 4.3)
      jquery-ui-rails (~> 5.0)
      select2-rails (= 3.5.9.1)
      spree_api (= 3.2.7)
      spree_core (= 3.2.7)
    spree_cmd (3.2.7)
      thor (~> 0.14)
    spree_core (3.2.7)
      activemerchant (~> 1.59)
      acts-as-taggable-on (~> 4.0)
      acts_as_list (~> 0.8)
      awesome_nested_set (~> 3.1.1)
      cancancan (~> 1.10.1)
      carmen (~> 1.0.0)
      deface (~> 1.0)
      ffaker (~> 2.2.0)
      font-awesome-rails (~> 4.0)
      friendly_id (~> 5.1.0)
      highline (~> 1.6.18)
      kaminari (~> 1.0.1)
      monetize (~> 1.1)
      paperclip (~> 4.3.0)
      paranoia (~> 2.2.0.pre)
      premailer-rails
      rails (~> 5.0.0)
      ransack (~> 1.8.0)
      responders
      sprockets-rails
      state_machines-activerecord (~> 0.5)
      stringex
      twitter_cldr (~> 3.0)
    spree_extension (0.0.5)
      activerecord (>= 4.2)
    spree_frontend (3.2.7)
      bootstrap-sass (>= 3.3.5.1, < 3.4)
      canonical-rails (~> 0.1.0)
      jquery-rails (~> 4.3)
      spree_api (= 3.2.7)
      spree_core (= 3.2.7)
    spree_gateway (3.3.2)
      spree_core (>= 3.1.0, < 4.0)
      spree_extension
    spree_sample (3.2.7)
      spree_core (= 3.2.7)
    spring (2.0.2)
      activesupport (>= 4.2)
    spring-watcher-listen (2.0.1)
      listen (>= 2.7, < 4.0)
      spring (>= 1.2, < 3.0)
    sprockets (3.7.1)
      concurrent-ruby (~> 1.0)
      rack (> 1, < 3)
    sprockets-helpers (1.2.1)
      sprockets (>= 2.2)
    sprockets-rails (3.2.1)
      actionpack (>= 4.0)
      activesupport (>= 4.0)
      sprockets (>= 3.0.0)
    sqlite3 (1.3.13)
    state_machines (0.5.0)
    state_machines-activemodel (0.5.0)
      activemodel (>= 4.1, < 5.2)
      state_machines (>= 0.5.0)
    state_machines-activerecord (0.5.0)
      activerecord (>= 4.1, < 5.2)
      state_machines-activemodel (>= 0.5.0)
    stringex (2.8.2)
    thor (0.19.4)
    thread_safe (0.3.6)
    tilt (2.0.8)
    ttfunk (1.5.1)
    twitter_cldr (3.6.0)
      camertron-eprun
      cldr-plurals-runtime-rb (~> 1.0)
      tzinfo
    tzinfo (1.2.4)
      thread_safe (~> 0.1)
    uglifier (4.1.2)
      execjs (>= 0.3.0, < 3)
    unf (0.1.4)
      unf_ext
    unf_ext (0.0.7.5)
    utf8-cleaner (0.2.5)
      activesupport
    valid_attribute (2.0.0)
    versioncake (3.1.0)
      actionpack (>= 3.2)
      activesupport (>= 3.2)
      railties (>= 3.2)
      tzinfo
    warden (1.2.7)
      rack (>= 1.0)
    webrobots (0.1.2)
    websocket-driver (0.6.5)
      websocket-extensions (>= 0.1.0)
    websocket-extensions (0.1.3)
    xml-simple (1.1.5)
    xpath (3.0.0)
      nokogiri (~> 1.8)
    zip-zip (0.3)
      rubyzip (>= 1.0.0)

PLATFORMS
  ruby

DEPENDENCIES
  aws-sdk (< 2.0)
  capybara
  coffee-rails
  datashift!
  datashift_spree!
  dotenv-rails
  jquery-rails
  launchy
  listen (~> 3.0.5)
  pg (~> 0.18)
  pry-rails
  puma (~> 3.7)
  rails (~> 5.0.0)
  rails-ujs
  rails_12factor
  rspec-rails (~> 3.5)
  sass-rails (~> 5.0)
  shoulda-matchers
  slack-notifier
  spree (~> 3.2.7)
  spree-bank-transfer!
  spree_admin_roles_and_access!
  spree_ajax_add_to_cart!
  spree_auth_devise (~> 3.3)
  spree_batch_products!
  spree_better_terms_and_conditions!
  spree_cash_on_delivery!
  spree_datashift_prod_import!
  spree_gateway (~> 3.3)
  spree_mail_settings!
  spree_paypal_express!
  spree_print_invoice!
  spree_sales!
  spree_slider!
  spree_social!
  spree_user_groups!
  spring
  spring-watcher-listen (~> 2.0.0)
  sprockets-helpers (~> 1.2.1)
  tzinfo-data
  uglifier (>= 1.3.0)
  utf8-cleaner
  valid_attribute

RUBY VERSION
   ruby 2.3.3p222

BUNDLED WITH
   1.16.0
